{
    "AcquisitionDateTime": "2016-11-10T14:45:4.110000",
    "AcquisitionMatrixPE": 64,
    "AcquisitionNumber": 1,
    "AcquisitionTime": "14:45:4.110000",
    "BandwidthPerPixelPhaseEncode": 63.776,
    "BaseResolution": 64,
    "BodyPartExamined": "BRAIN",
    "ConsistencyInfo": "N4_VE11B_LATEST_20150530",
    "ConversionSoftware": "dcm2niix",
    "ConversionSoftwareVersion": "v1.0.20200331",
    "DerivedVendorReportedEchoSpacing": 0.000489996,
    "DeviceSerialNumber": "67025",
    "DwellTime": 3.1e-06,
    "EchoTime": 0.025,
    "EchoTrainLength": 32,
    "EffectiveEchoSpacing": 0.000244998,
    "FlipAngle": 90,
    "ImageOrientationPatientDICOM": [
        0.998582,
        0.0385285,
        0.036748,
        -0.042726,
        0.991699,
        0.121278
    ],
    "ImageType": [
        "ORIGINAL",
        "PRIMARY",
        "M",
        "ND",
        "NORM",
        "MOSAIC"
    ],
    "ImagingFrequency": 123.225,
    "InPlanePhaseEncodingDirectionDICOM": "COL",
    "InstitutionAddress": "McClintock_3520A_Los_Angeles_SVC0e0594213b1104_CA_US_90089",
    "InstitutionName": "USC",
    "InstitutionalDepartmentName": "Department",
    "MRAcquisitionType": "2D",
    "MagneticFieldStrength": 3,
    "Manufacturer": "Siemens",
    "ManufacturersModelName": "Prisma_fit",
    "Modality": "MR",
    "ParallelReductionFactorInPlane": 2,
    "PartialFourier": 1,
    "PatientBirthDate": "1992-01-01",
    "PatientID": "16.11.10-14:05:52-STD-1.3.12.2.1107.5.2.43.67025",
    "PatientName": "9049MM",
    "PatientPosition": "HFS",
    "PatientSex": "F",
    "PatientWeight": 50.8024,
    "PercentPhaseFOV": 100,
    "PercentSampling": 100,
    "PhaseEncodingDirection": "j-",
    "PhaseEncodingSteps": 64,
    "PhaseResolution": 1,
    "PixelBandwidth": 2520,
    "ProcedureStepDescription": "Mara_Alex",
    "ProtocolName": "frmi-nback",
    "PulseSequenceDetails": "%SiemensSeq%_ep2d_pace",
    "ReceiveCoilActiveElements": "HEA;HEP",
    "ReceiveCoilName": "Head_32",
    "ReconMatrixPE": 64,
    "RefLinesPE": 32,
    "RepetitionTime": 2,
    "SAR": 0.136908,
    "ScanOptions": "FS",
    "ScanningSequence": "EP",
    "SequenceName": "_epfid2d1_64",
    "SequenceVariant": "SK",
    "SeriesDescription": "frmi-nback",
    "SeriesInstanceUID": "1.3.12.2.1107.5.2.43.67025.2016111014445276257061298.0.0.0",
    "SeriesNumber": 7,
    "ShimSetting": [
        -7853,
        -9591,
        11276,
        68,
        -55,
        2086,
        207,
        64
    ],
    "SliceThickness": 3,
    "SliceTiming": [
        0,
        1.015,
        0.05,
        1.0625,
        0.0975,
        1.1125,
        0.145,
        1.16,
        0.195,
        1.2075,
        0.2425,
        1.2575,
        0.29,
        1.305,
        0.34,
        1.3525,
        0.3875,
        1.4025,
        0.435,
        1.45,
        0.485,
        1.4975,
        0.5325,
        1.5475,
        0.58,
        1.595,
        0.63,
        1.6425,
        0.6775,
        1.69,
        0.725,
        1.74,
        0.7725,
        1.7875,
        0.8225,
        1.835,
        0.87,
        1.885,
        0.9175,
        1.9325,
        0.9675
    ],
    "SoftwareVersions": "syngo_MR_E11",
    "SpacingBetweenSlices": 3,
    "StationName": "MRC35039",
    "StudyID": "1",
    "StudyInstanceUID": "1.3.12.2.1107.5.2.43.67025.30000016111016075877600000007",
    "TotalReadoutTime": 0.0154349,
    "TxRefAmp": 233.408
}