{
    "AcquisitionDateTime": "2016-09-23T14:04:53.075000",
    "AcquisitionMatrixPE": 64,
    "AcquisitionNumber": 1,
    "AcquisitionTime": "14:04:53.075000",
    "AcquisitionVoxelSize": [
        3,
        3,
        5
    ],
    "ArterialSpinLabelingType": "PASL",
    "BackgroundSuppression": true,
    "BandwidthPerPixelPhaseEncode": 58.962,
    "BaseResolution": 64,
    "BodyPartExamined": "BRAIN",
    "BolusCutOffDelayTime": 1.675,
    "BolusCutOffFlag": true,
    "BolusCutOffTechnique": "PICORE",
    "ConsistencyInfo": "N4_VE11B_LATEST_20150530",
    "ConversionSoftware": "dcm2niix",
    "ConversionSoftwareVersion": "v1.0.20180328 (OpenJPEG build) GCC4.8.4",
    "DerivedVendorReportedEchoSpacing": 0.000530002,
    "DeviceSerialNumber": "67025",
    "DwellTime": 3.5e-06,
    "EchoTime": 0.03,
    "EchoTrainLength": 28,
    "EffectiveEchoSpacing": 0.000265001,
    "FlipAngle": 90,
    "ImageOrientationPatientDICOM": [
        0.998701,
        -0.012428,
        0.049424,
        0.00766958,
        0.995416,
        0.0953271
    ],
    "ImageType": [
        "ORIGINAL",
        "PRIMARY",
        "ASL",
        "NONE",
        "ND",
        "NORM",
        "MOSAIC"
    ],
    "InPlanePhaseEncodingDirectionDICOM": "COL",
    "InstitutionAddress": "McClintock_3520A_Los_Angeles_SVC0e0594213b1104_CA_US_90089",
    "InstitutionName": "USC",
    "InstitutionalDepartmentName": "Department",
    "LabelingOrientation": [
        1,
        0,
        0,
        0,
        1,
        0
    ],
    "M0Type": "Included",
    "MRAcquisitionType": "2D",
    "MagneticFieldStrength": 3,
    "Manufacturer": "Siemens",
    "ManufacturersModelName": "Prisma_fit",
    "Modality": "MR",
    "PASLType": "PICORE",
    "ParallelReductionFactorInPlane": 2,
    "PartialFourier": 0.875,
    "PatientID": "16.09.23-13:34:01-DST-1.3.12.2.1107.5.2.43.67025",
    "PatientName": "8949MM",
    "PatientPosition": "HFS",
    "PatientSex": "F",
    "PatientWeight": 54.4311,
    "PercentPhaseFOV": 100,
    "PhaseEncodingDirection": "j-",
    "PhaseEncodingSteps": 56,
    "PhaseResolution": 1,
    "PixelBandwidth": 2230,
    "PostLabelingDelay": 1.8,
    "ProcedureStepDescription": "Mara_Alex",
    "ProtocolName": "resting_state_ASL",
    "PulseSequenceDetails": "%SiemensSeq%_ep2d_pasl",
    "PulseSequenceType": "ASL",
    "ReceiveCoilActiveElements": "HEA;HEP",
    "ReceiveCoilName": "Head_32",
    "ReconMatrixPE": 64,
    "RepetitionTime": 4,
    "RepetitionTimeExcitation": 0.00053,
    "RepetitionTimePreparation": 4,
    "SAR": 0.111423,
    "ScanOptions": "PFP_SAT1_FS",
    "ScanningSequence": "EP",
    "SequenceName": "_epfid2d1_64",
    "SequenceVariant": "SK",
    "SeriesDescription": "resting_state_ASL",
    "SeriesInstanceUID": "1.3.12.2.1107.5.2.43.67025.2016092314031318426297863.0.0.0",
    "SeriesNumber": 8,
    "ShimSetting": [
        -7812,
        -10297,
        11587,
        330,
        1,
        295,
        46,
        21
    ],
    "SliceThickness": 5,
    "SliceTiming": [
        0,
        0.0525,
        0.105,
        0.16,
        0.2125,
        0.2675,
        0.32,
        0.375,
        0.4275,
        0.4825,
        0.535,
        0.5875,
        0.6425,
        0.695,
        0.75,
        0.8025,
        0.8575,
        0.91,
        0.965,
        1.0175,
        1.0725,
        1.125,
        1.1775
    ],
    "SoftwareVersions": "syngo_MR_E11",
    "SpacingBetweenSlices": 5,
    "StationName": "MRC35039",
    "StudyID": "1",
    "StudyInstanceUID": "1.3.12.2.1107.5.2.43.67025.30000016092315141812200000007",
    "TotalAcquiredPairs": 44,
    "TotalReadoutTime": 0.0166951,
    "TxRefAmp": 229.176
}