{
    "AcquisitionDateTime": "2016-10-17T16:02:26.270000",
    "AcquisitionMatrixPE": 64,
    "AcquisitionNumber": 1,
    "AcquisitionTime": "16:02:26.270000",
    "AcquisitionVoxelSize": [
        3,
        3,
        5
    ],
    "ArterialSpinLabelingType": "PASL",
    "BackgroundSuppression": true,
    "BandwidthPerPixelPhaseEncode": 58.962,
    "BaseResolution": 64,
    "BodyPartExamined": "BRAIN",
    "BolusCutOffDelayTime": 1.675,
    "BolusCutOffFlag": true,
    "BolusCutOffTechnique": "PICORE",
    "ConsistencyInfo": "N4_VE11B_LATEST_20150530",
    "ConversionSoftware": "dcm2niix",
    "ConversionSoftwareVersion": "v1.0.20180328 (OpenJPEG build) GCC4.8.4",
    "DerivedVendorReportedEchoSpacing": 0.000530002,
    "DeviceSerialNumber": "67025",
    "DwellTime": 3.5e-06,
    "EchoTime": 0.03,
    "EchoTrainLength": 28,
    "EffectiveEchoSpacing": 0.000265001,
    "FlipAngle": 90,
    "ImageOrientationPatientDICOM": [
        0.998652,
        -0.00361737,
        0.0517853,
        -4.42132e-08,
        0.997569,
        0.0696844
    ],
    "ImageType": [
        "ORIGINAL",
        "PRIMARY",
        "ASL",
        "NONE",
        "ND",
        "NORM",
        "MOSAIC"
    ],
    "InPlanePhaseEncodingDirectionDICOM": "COL",
    "InstitutionAddress": "McClintock_3520A_Los_Angeles_SVC0e0594213b1104_CA_US_90089",
    "InstitutionName": "USC",
    "InstitutionalDepartmentName": "Department",
    "LabelingOrientation": [
        1,
        0,
        0,
        0,
        1,
        0
    ],
    "M0Type": "Included",
    "MRAcquisitionType": "2D",
    "MagneticFieldStrength": 3,
    "Manufacturer": "Siemens",
    "ManufacturersModelName": "Prisma_fit",
    "Modality": "MR",
    "PASLType": "PICORE",
    "ParallelReductionFactorInPlane": 2,
    "PartialFourier": 0.875,
    "PatientID": "16.10.17-15:26:57-DST-1.3.12.2.1107.5.2.43.67025",
    "PatientName": "9004MM",
    "PatientPosition": "HFS",
    "PatientSex": "F",
    "PatientWeight": 46.2664,
    "PercentPhaseFOV": 100,
    "PhaseEncodingDirection": "j-",
    "PhaseEncodingSteps": 56,
    "PhaseResolution": 1,
    "PixelBandwidth": 2230,
    "PostLabelingDelay": 1.8,
    "ProcedureStepDescription": "Mara_Alex",
    "ProtocolName": "resting_state_ASL",
    "PulseSequenceDetails": "%SiemensSeq%_ep2d_pasl",
    "PulseSequenceType": "ASL",
    "ReceiveCoilActiveElements": "HEA;HEP",
    "ReceiveCoilName": "Head_32",
    "ReconMatrixPE": 64,
    "RepetitionTime": 4,
    "RepetitionTimeExcitation": 0.00053,
    "RepetitionTimePreparation": 4,
    "SAR": 0.105062,
    "ScanOptions": "PFP_SAT1_FS",
    "ScanningSequence": "EP",
    "SequenceName": "_epfid2d1_64",
    "SequenceVariant": "SK",
    "SeriesDescription": "resting_state_ASL",
    "SeriesInstanceUID": "1.3.12.2.1107.5.2.43.67025.2016101716004829081863504.0.0.0",
    "SeriesNumber": 8,
    "ShimSetting": [
        -7771,
        -10336,
        11751,
        438,
        89,
        24,
        -1,
        -33
    ],
    "SliceThickness": 5,
    "SliceTiming": [
        0,
        0.055,
        0.1075,
        0.1625,
        0.215,
        0.27,
        0.3225,
        0.3775,
        0.43,
        0.485,
        0.5375,
        0.59,
        0.645,
        0.6975,
        0.7525,
        0.805,
        0.86,
        0.9125,
        0.9675,
        1.02,
        1.0725,
        1.1275,
        1.18
    ],
    "SoftwareVersions": "syngo_MR_E11",
    "SpacingBetweenSlices": 5,
    "StationName": "MRC35039",
    "StudyID": "1",
    "StudyInstanceUID": "1.3.12.2.1107.5.2.43.67025.30000016101715143448700000010",
    "TotalAcquiredPairs": 44,
    "TotalReadoutTime": 0.0166951,
    "TxRefAmp": 218.654
}