{
    "AcquisitionDateTime": "2016-10-03T15:45:51.965000",
    "AcquisitionMatrixPE": 64,
    "AcquisitionNumber": 1,
    "AcquisitionTime": "15:45:51.965000",
    "BandwidthPerPixelPhaseEncode": 63.776,
    "BaseResolution": 64,
    "BodyPartExamined": "BRAIN",
    "ConsistencyInfo": "N4_VE11B_LATEST_20150530",
    "ConversionSoftware": "dcm2niix",
    "ConversionSoftwareVersion": "v1.0.20200331",
    "DerivedVendorReportedEchoSpacing": 0.000489996,
    "DeviceSerialNumber": "67025",
    "DwellTime": 3.1e-06,
    "EchoTime": 0.025,
    "EchoTrainLength": 32,
    "EffectiveEchoSpacing": 0.000244998,
    "FlipAngle": 90,
    "ImageOrientationPatientDICOM": [
        0.995512,
        0.0771393,
        0.0548187,
        -0.0828957,
        0.990251,
        0.111939
    ],
    "ImageType": [
        "ORIGINAL",
        "PRIMARY",
        "M",
        "ND",
        "NORM",
        "MOSAIC"
    ],
    "ImagingFrequency": 123.225,
    "InPlanePhaseEncodingDirectionDICOM": "COL",
    "InstitutionAddress": "McClintock_3520A_Los_Angeles_SVC0e0594213b1104_CA_US_90089",
    "InstitutionName": "USC",
    "InstitutionalDepartmentName": "Department",
    "MRAcquisitionType": "2D",
    "MagneticFieldStrength": 3,
    "Manufacturer": "Siemens",
    "ManufacturersModelName": "Prisma_fit",
    "Modality": "MR",
    "ParallelReductionFactorInPlane": 2,
    "PartialFourier": 1,
    "PatientBirthDate": "1994-01-01",
    "PatientID": "16.10.03-15:27:38-DST-1.3.12.2.1107.5.2.43.67025",
    "PatientName": "8970MM",
    "PatientPosition": "HFS",
    "PatientSex": "F",
    "PatientWeight": 46.2664,
    "PercentPhaseFOV": 100,
    "PercentSampling": 100,
    "PhaseEncodingDirection": "j-",
    "PhaseEncodingSteps": 64,
    "PhaseResolution": 1,
    "PixelBandwidth": 2520,
    "ProcedureStepDescription": "Mara_Alex",
    "ProtocolName": "frmi-nback",
    "PulseSequenceDetails": "%SiemensSeq%_ep2d_pace",
    "ReceiveCoilActiveElements": "HEA;HEP",
    "ReceiveCoilName": "Head_32",
    "ReconMatrixPE": 64,
    "RefLinesPE": 32,
    "RepetitionTime": 2,
    "SAR": 0.120175,
    "ScanOptions": "FS",
    "ScanningSequence": "EP",
    "SequenceName": "_epfid2d1_64",
    "SequenceVariant": "SK",
    "SeriesDescription": "frmi-nback",
    "SeriesInstanceUID": "1.3.12.2.1107.5.2.43.67025.2016100315454269636559445.0.0.0",
    "SeriesNumber": 6,
    "ShimSetting": [
        -7784,
        -10337,
        11658,
        348,
        54,
        44,
        79,
        -59
    ],
    "SliceThickness": 3,
    "SliceTiming": [
        0,
        1.0125,
        0.0475,
        1.0625,
        0.095,
        1.11,
        0.145,
        1.1575,
        0.1925,
        1.2075,
        0.24,
        1.255,
        0.29,
        1.3025,
        0.3375,
        1.3525,
        0.385,
        1.4,
        0.435,
        1.4475,
        0.4825,
        1.4975,
        0.53,
        1.545,
        0.58,
        1.5925,
        0.6275,
        1.64,
        0.675,
        1.69,
        0.7225,
        1.7375,
        0.7725,
        1.785,
        0.82,
        1.835,
        0.8675,
        1.8825,
        0.9175,
        1.93,
        0.965
    ],
    "SoftwareVersions": "syngo_MR_E11",
    "SpacingBetweenSlices": 3,
    "StationName": "MRC35039",
    "StudyID": "1",
    "StudyInstanceUID": "1.3.12.2.1107.5.2.43.67025.30000016100315041139400000013",
    "TaskName": "n-back",
    "TotalReadoutTime": 0.0154349,
    "TxRefAmp": 218.103
}