{
    "AcquisitionDateTime": "2017-02-08T13:46:51.947500",
    "AcquisitionMatrixPE": 64,
    "AcquisitionNumber": 1,
    "AcquisitionTime": "13:46:51.947500",
    "BandwidthPerPixelPhaseEncode": 63.776,
    "BaseResolution": 64,
    "BodyPartExamined": "BRAIN",
    "ConsistencyInfo": "N4_VE11B_LATEST_20150530",
    "ConversionSoftware": "dcm2niix",
    "ConversionSoftwareVersion": "v1.0.20200331",
    "DerivedVendorReportedEchoSpacing": 0.000489996,
    "DeviceSerialNumber": "67025",
    "DwellTime": 3.1e-06,
    "EchoTime": 0.025,
    "EchoTrainLength": 32,
    "EffectiveEchoSpacing": 0.000244998,
    "FlipAngle": 90,
    "ImageOrientationPatientDICOM": [
        0.997091,
        -0.0730239,
        0.0218607,
        0.0700731,
        0.990984,
        0.114195
    ],
    "ImageType": [
        "ORIGINAL",
        "PRIMARY",
        "M",
        "ND",
        "NORM",
        "MOSAIC"
    ],
    "ImagingFrequency": 123.225,
    "InPlanePhaseEncodingDirectionDICOM": "COL",
    "InstitutionAddress": "McClintock_3520A_Los_Angeles_SVC0e0594213b1104_CA_US_90089",
    "InstitutionName": "USC",
    "InstitutionalDepartmentName": "Department",
    "MRAcquisitionType": "2D",
    "MagneticFieldStrength": 3,
    "Manufacturer": "Siemens",
    "ManufacturersModelName": "Prisma_fit",
    "Modality": "MR",
    "ParallelReductionFactorInPlane": 2,
    "PartialFourier": 1,
    "PatientBirthDate": "1992-01-01",
    "PatientID": "17.02.08-13:32:20-STD-1.3.12.2.1107.5.2.43.67025",
    "PatientName": "9165MM",
    "PatientPosition": "HFS",
    "PatientSex": "F",
    "PatientWeight": 49.8952,
    "PercentPhaseFOV": 100,
    "PercentSampling": 100,
    "PhaseEncodingDirection": "j-",
    "PhaseEncodingSteps": 64,
    "PhaseResolution": 1,
    "PixelBandwidth": 2520,
    "ProcedureStepDescription": "Mara_Alex",
    "ProtocolName": "frmi-nback",
    "PulseSequenceDetails": "%SiemensSeq%_ep2d_pace",
    "ReceiveCoilActiveElements": "HEA;HEP",
    "ReceiveCoilName": "Head_32",
    "ReconMatrixPE": 64,
    "RefLinesPE": 32,
    "RepetitionTime": 2,
    "SAR": 0.114013,
    "ScanOptions": "FS",
    "ScanningSequence": "EP",
    "SequenceName": "_epfid2d1_64",
    "SequenceVariant": "SK",
    "SeriesDescription": "frmi-nback",
    "SeriesInstanceUID": "1.3.12.2.1107.5.2.43.67025.2017020813461460242274767.0.0.0",
    "SeriesNumber": 6,
    "ShimSetting": [
        -7797,
        -10324,
        11761,
        672,
        35,
        -36,
        -185,
        -8
    ],
    "SliceThickness": 3,
    "SliceTiming": [
        0,
        1.0125,
        0.0475,
        1.0625,
        0.095,
        1.11,
        0.145,
        1.1575,
        0.1925,
        1.2075,
        0.24,
        1.255,
        0.29,
        1.3025,
        0.3375,
        1.3525,
        0.385,
        1.4,
        0.435,
        1.4475,
        0.4825,
        1.4975,
        0.53,
        1.545,
        0.58,
        1.5925,
        0.6275,
        1.6425,
        0.675,
        1.69,
        0.725,
        1.7375,
        0.7725,
        1.7875,
        0.82,
        1.835,
        0.87,
        1.8825,
        0.9175,
        1.93,
        0.965
    ],
    "SoftwareVersions": "syngo_MR_E11",
    "SpacingBetweenSlices": 3,
    "StationName": "MRC35039",
    "StudyID": "1",
    "StudyInstanceUID": "1.3.12.2.1107.5.2.43.67025.30000017020816450327500000013",
    "TotalReadoutTime": 0.0154349,
    "TxRefAmp": 220.741
}